GEM
  remote: https://rubygems.org/
  specs:
    diff-lcs (1.2.5)
    metaclass (0.0.4)
    mocha (1.1.0)
      metaclass (~> 0.0.1)
    power_assert (0.2.7)
    require_all (1.3.3)
    rspec (3.4.0)
      rspec-core (~> 3.4.0)
      rspec-expectations (~> 3.4.0)
      rspec-mocks (~> 3.4.0)
    rspec-core (3.4.4)
      rspec-support (~> 3.4.0)
    rspec-expectations (3.4.0)
      diff-lcs (>= 1.2.0, < 2.0)
      rspec-support (~> 3.4.0)
    rspec-mocks (3.4.1)
      diff-lcs (>= 1.2.0, < 2.0)
      rspec-support (~> 3.4.0)
    rspec-support (3.4.1)
    test-unit (3.1.5)
      power_assert

PLATFORMS
  ruby

DEPENDENCIES
  mocha
  require_all
  rspec
  test-unit

BUNDLED WITH
   1.12.3
