GEM
  remote: https://rubygems.org/
  specs:
    power_assert (0.2.7)
    require_all (1.3.3)
    test-unit (3.1.5)
      power_assert

PLATFORMS
  ruby

DEPENDENCIES
  require_all
  test-unit

BUNDLED WITH
   1.10.6
